GEM
  remote: https://rubygems.org/
  specs:
    daemons (1.1.9)
    json (1.8.0)
    mime-types (1.25)
    newrelic_plugin (1.2.1)
      json
    rest-client (1.6.7)
      mime-types (>= 1.16)

PLATFORMS
  ruby

DEPENDENCIES
  daemons
  newrelic_plugin
  rest-client
